GEM
  remote: https://rubygems.org/
  specs:
    gitstagram (0.0.5)
    rack (1.5.2)
    rack-protection (1.5.0)
      rack
    sinatra (1.3.6)
      rack (~> 1.4)
      rack-protection (~> 1.3)
      tilt (~> 1.3, >= 1.3.3)
    tilt (1.4.1)

PLATFORMS
  ruby

DEPENDENCIES
  gitstagram (~> 0.0.5)
  sinatra
