GEM
  remote: https://rubygems.org/
  specs:
    dalli (2.7.4)
    gitstagram (0.0.5)
    kgio (2.9.3)
    mail (2.5.4)
      mime-types (~> 1.16)
      treetop (~> 1.4.8)
    memcachier (0.0.2)
    mime-types (1.25.1)
    polyglot (0.3.3)
    pony (1.5.1)
      mail (>= 2.0)
    rack (1.5.2)
    rack-cache (1.2)
      rack (>= 0.4)
    rack-protection (1.5.1)
      rack
    raindrops (0.13.0)
    sinatra (1.4.4)
      rack (~> 1.4)
      rack-protection (~> 1.4)
      tilt (~> 1.3, >= 1.3.4)
    tilt (1.4.1)
    treetop (1.4.15)
      polyglot
      polyglot (>= 0.3.1)
    unicorn (4.9.0)
      kgio (~> 2.6)
      rack
      raindrops (~> 0.7)

PLATFORMS
  ruby

DEPENDENCIES
  dalli
  gitstagram (~> 0.0.5)
  memcachier
  pony (~> 1.5.1)
  rack-cache
  sinatra
  unicorn

RUBY VERSION
   ruby 2.2.4p230

BUNDLED WITH
   1.13.6
